GEM
  remote: http://rubygems.org/
  specs:
    gcm (0.0.2)
      httparty
      json
    httparty (0.9.0)
      multi_json (~> 1.0)
      multi_xml
    json (1.7.5)
    multi_json (1.5.0)
    multi_xml (0.5.1)
    rack (1.4.1)
    rack-protection (1.3.2)
      rack
    redis (3.0.2)
    sinatra (1.3.3)
      rack (~> 1.3, >= 1.3.6)
      rack-protection (~> 1.2)
      tilt (~> 1.3, >= 1.3.3)
    tilt (1.3.3)

PLATFORMS
  ruby

DEPENDENCIES
  gcm
  redis
  sinatra
